GIT
  remote: https://github.com/TandaHQ/holidays
  revision: a4134306f4139ad8ad4685bac73ccc0d5c031580
  specs:
    holidays (5.0.0)

PATH
  remote: .
  specs:
    business_time (0.7.6)
      activesupport (>= 3.1.0)
      tzinfo

GEM
  remote: https://rubygems.org/
  specs:
    activesupport (4.2.6)
      i18n (~> 0.7)
      json (~> 1.7, >= 1.7.7)
      minitest (~> 5.1)
      thread_safe (~> 0.3, >= 0.3.4)
      tzinfo (~> 1.1)
    i18n (0.7.0)
    json (1.8.2)
    minitest (5.5.1)
    minitest-rg (5.1.0)
      minitest (~> 5.0)
    rake (10.4.2)
    rdoc (4.2.0)
      json (~> 1.4)
    thread_safe (0.3.5)
    tzinfo (1.2.2)
      thread_safe (~> 0.1)

PLATFORMS
  ruby

DEPENDENCIES
  business_time!
  holidays!
  minitest
  minitest-rg
  rake
  rdoc

BUNDLED WITH
   1.13.6
